PATH
  remote: .
  specs:
    rootor (0.0.3)
      filesize

GEM
  remote: http://www.rubygems.org/
  specs:
    filesize (0.1.1)

PLATFORMS
  ruby

DEPENDENCIES
  rootor!

BUNDLED WITH
   1.14.2
